GEM
  remote: https://rubygems.org/
  specs:
    minitest (5.25.1)

PLATFORMS
  ruby
  x86_64-darwin-22

DEPENDENCIES
  minitest (~> 5.14)

RUBY VERSION
   ruby 3.2.1p31

BUNDLED WITH
   2.5.17
